PATH
  remote: .
  specs:
    msgpack-rpc-gateway (0.1.0)
      msgpack-rpc (~> 0.6)

GEM
  remote: https://rubygems.org/
  specs:
    cool.io (1.4.6)
    diff-lcs (1.3)
    msgpack (1.3.1)
    msgpack-rpc (0.6.0)
      cool.io (~> 1.4.3)
      msgpack
    rake (10.5.0)
    rspec (3.8.0)
      rspec-core (~> 3.8.0)
      rspec-expectations (~> 3.8.0)
      rspec-mocks (~> 3.8.0)
    rspec-core (3.8.2)
      rspec-support (~> 3.8.0)
    rspec-expectations (3.8.4)
      diff-lcs (>= 1.2.0, < 2.0)
      rspec-support (~> 3.8.0)
    rspec-mocks (3.8.1)
      diff-lcs (>= 1.2.0, < 2.0)
      rspec-support (~> 3.8.0)
    rspec-support (3.8.2)

PLATFORMS
  ruby

DEPENDENCIES
  bundler (~> 2.0)
  msgpack-rpc-gateway!
  rake (~> 10.0)
  rspec (~> 3.8)

BUNDLED WITH
   2.0.2
